PATH
  remote: .
  specs:
    active_column (0.0.2)
      activesupport
      cassandra (~> 0.9)
      i18n
      json
      simple_uuid

GEM
  remote: http://rubygems.org/
  specs:
    activesupport (3.0.3)
    cassandra (0.9.0)
      json
      rake
      simple_uuid (>= 0.1.0)
      thrift_client (>= 0.6.0)
    diff-lcs (1.1.2)
    i18n (0.5.0)
    json (1.4.6)
    rake (0.8.7)
    rspec (2.2.0)
      rspec-core (~> 2.2)
      rspec-expectations (~> 2.2)
      rspec-mocks (~> 2.2)
    rspec-core (2.2.1)
    rspec-expectations (2.2.0)
      diff-lcs (~> 1.1.2)
    rspec-mocks (2.2.0)
    simple_uuid (0.1.1)
    thrift (0.5.0)
    thrift_client (0.6.0)
      thrift (~> 0.5.0)

PLATFORMS
  ruby

DEPENDENCIES
  active_column!
  activesupport
  cassandra (~> 0.9)
  i18n
  json
  rspec
  simple_uuid
